GEM
  remote: http://rubygems.org/
  specs:
    adsf (1.2.0)
      rack (>= 1.0.0)
    builder (3.2.2)
    celluloid (0.15.2)
      timers (~> 1.1.0)
    coderay (1.1.0)
    colored (1.2)
    commonjs (0.2.7)
    cri (2.6.1)
      colored (~> 1.2)
    em-websocket (0.5.1)
      eventmachine (>= 0.12.9)
      http_parser.rb (~> 0.6.0)
    eventmachine (1.0.3)
    ffi (1.9.3)
    formatador (0.2.5)
    fssm (0.2.10)
    growl (1.0.3)
    guard (2.6.1)
      formatador (>= 0.2.4)
      listen (~> 2.7)
      lumberjack (~> 1.0)
      pry (>= 0.9.12)
      thor (>= 0.18.1)
    guard-bundler (2.0.0)
      bundler (~> 1.0)
      guard (~> 2.2)
    guard-livereload (2.2.0)
      em-websocket (~> 0.5)
      guard (~> 2.0)
      multi_json (~> 1.8)
    guard-nanoc (1.0.2)
      guard (>= 1.8.0)
      nanoc (>= 3.6.3)
    guard-pow (2.0.0)
      guard (~> 2.0)
    haml (4.0.5)
      tilt
<<<<<<< HEAD
    highline (1.6.21)
=======
>>>>>>> master
    http_parser.rb (0.6.0)
    i18n (0.6.9)
    kramdown (1.3.3)
    less (2.6.0)
      commonjs (~> 0.2.7)
    libv8 (3.16.14.3)
    listen (2.7.9)
      celluloid (>= 0.15.2)
      rb-fsevent (>= 0.9.3)
      rb-inotify (>= 0.9)
    lumberjack (1.0.7)
    method_source (0.8.2)
    mime-types (2.3)
    mini_portile (0.6.0)
    multi_json (1.10.1)
    nanoc (3.6.11)
      cri (~> 2.3)
    nokogiri (1.6.2.1)
      mini_portile (= 0.6.0)
    pry (0.10.0)
      coderay (~> 1.1.0)
      method_source (~> 0.8.1)
      slop (~> 3.4)
    rack (1.5.2)
    rack-rewrite (1.5.0)
    rainpress (1.0)
    rake (10.3.2)
    rb-fsevent (0.9.4)
    rb-inotify (0.9.5)
      ffi (>= 0.5.0)
    rb-readline (0.5.1)
    redcarpet (3.1.2)
    ref (1.0.5)
    sass (3.3.8)
    slop (3.5.0)
    stringex (2.5.2)
    systemu (2.6.4)
    therubyracer (0.12.1)
      libv8 (~> 3.16.14.0)
      ref
    thor (0.19.1)
    tilt (2.0.1)
    timers (1.1.0)

PLATFORMS
  ruby

DEPENDENCIES
  adsf (~> 1.2.0)
  builder
  bundler
  coderay
  fssm
  growl
  guard
  guard-bundler
  guard-livereload
  guard-nanoc
  guard-pow
  haml
  highline
  i18n
  kramdown (~> 1.3.3)
  less
  mime-types
  nanoc (~> 3.6.8)
  nokogiri
  pry
  rack
  rack-rewrite
  rainpress
  rake
  rb-fsevent
  rb-readline
  redcarpet
  sass
  stringex
  systemu
  therubyracer
