GEM
  remote: http://rubygems.org/
  specs:
    adsf (1.2.1)
      rack (>= 1.0.0)
    colored (1.2)
    cri (2.7.0)
      colored (~> 1.2)
    kramdown (1.10.0)
    nanoc (4.1.6)
      cri (~> 2.3)
    rack (1.6.4)
    stringex (2.6.0)

PLATFORMS
  ruby

DEPENDENCIES
  adsf
  kramdown
  nanoc
  stringex

BUNDLED WITH
   1.11.2
