GEM
  remote: https://rubygems.org/
  specs:
    adsf (1.2.0)
      rack (>= 1.0.0)
    colored (1.2)
    cri (2.5.0)
      colored (~> 1.2)
    kramdown (1.3.3)
    nanoc (3.6.8)
      cri (~> 2.3)
    rack (1.5.2)

PLATFORMS
  ruby

DEPENDENCIES
  adsf (~> 1.2.0)
  kramdown (~> 1.3.3)
  nanoc (~> 3.6.8)
